GEM
  remote: https://rubygems.org/
  specs:
    digest-crc (0.4.1)
    excon (0.64.0)
    json (1.8.3.1)
    rmodbus (1.3.3)

PLATFORMS
  ruby

DEPENDENCIES
  digest-crc
  excon
  json
  rmodbus

BUNDLED WITH
   2.0.2
