GEM
  remote: https://rubygems.org/
  specs:
    digest-crc (0.4.1)
    rmodbus (1.3.3)

PLATFORMS
  ruby

DEPENDENCIES
  digest-crc
  rmodbus

BUNDLED WITH
   2.0.2
